GEM
  remote: https://rubygems.org/
  specs:
    actionmailer (4.2.8)
      actionpack (= 4.2.8)
      actionview (= 4.2.8)
      activejob (= 4.2.8)
      mail (~> 2.5, >= 2.5.4)
      rails-dom-testing (~> 1.0, >= 1.0.5)
    actionpack (4.2.8)
      actionview (= 4.2.8)
      activesupport (= 4.2.8)
      rack (~> 1.6)
      rack-test (~> 0.6.2)
      rails-dom-testing (~> 1.0, >= 1.0.5)
      rails-html-sanitizer (~> 1.0, >= 1.0.2)
    actionview (4.2.8)
      activesupport (= 4.2.8)
      builder (~> 3.1)
      erubis (~> 2.7.0)
      rails-dom-testing (~> 1.0, >= 1.0.5)
      rails-html-sanitizer (~> 1.0, >= 1.0.3)
    activejob (4.2.8)
      activesupport (= 4.2.8)
      globalid (>= 0.3.0)
    activemodel (4.2.8)
      activesupport (= 4.2.8)
      builder (~> 3.1)
    activerecord (4.2.8)
      activemodel (= 4.2.8)
      activesupport (= 4.2.8)
      arel (~> 6.0)
    activesupport (4.2.8)
      i18n (~> 0.7)
      minitest (~> 5.1)
      thread_safe (~> 0.3, >= 0.3.4)
      tzinfo (~> 1.1)
    addressable (2.5.1)
      public_suffix (~> 2.0, >= 2.0.2)
    airbrussh (1.1.2)
      sshkit (>= 1.6.1, != 1.7.0)
    arel (6.0.4)
    bootstrap-sass (2.3.2.2)
      sass (~> 3.2)
    builder (3.2.3)
    bundler-audit (0.5.0)
      bundler (~> 1.2)
      thor (~> 0.18)
    capistrano (3.8.0)
      airbrussh (>= 1.0.0)
      i18n
      rake (>= 10.0.0)
      sshkit (>= 1.9.0)
    capistrano-bundle_audit (0.2.1)
      bundler-audit (~> 0.5)
      capistrano (~> 3.0)
    capistrano-bundler (1.2.0)
      capistrano (~> 3.1)
      sshkit (~> 1.2)
    capistrano-one_time_key (0.0.1)
      capistrano (~> 3.0)
    capistrano-passenger (0.2.0)
      capistrano (~> 3.0)
    capistrano-rails (1.2.3)
      capistrano (~> 3.1)
      capistrano-bundler (~> 1.1)
    capistrano-shared_configs (0.1.2)
    capybara (2.13.0)
      addressable
      mime-types (>= 1.16)
      nokogiri (>= 1.3.3)
      rack (>= 1.0.0)
      rack-test (>= 0.5.4)
      xpath (~> 2.0)
    cliver (0.3.2)
    coffee-rails (4.2.1)
      coffee-script (>= 2.2.0)
      railties (>= 4.0.0, < 5.2.x)
    coffee-script (2.4.1)
      coffee-script-source
      execjs
    coffee-script-source (1.12.2)
    concurrent-ruby (1.0.5)
    database_cleaner (1.0.1)
    diff-lcs (1.3)
    dlss-capistrano (3.4.1)
      capistrano (~> 3.0)
      capistrano-bundle_audit (>= 0.1.0)
      capistrano-one_time_key
      capistrano-shared_configs
    domain_name (0.5.20170404)
      unf (>= 0.0.5, < 1.0.0)
    erubis (2.7.0)
    execjs (2.7.0)
    globalid (0.3.7)
      activesupport (>= 4.1.0)
    honeybadger (3.1.2)
    http-cookie (1.0.3)
      domain_name (~> 0.5)
    i18n (0.8.1)
    jbuilder (1.5.3)
      activesupport (>= 3.0.0)
      multi_json (>= 1.2.0)
    jquery-rails (4.3.1)
      rails-dom-testing (>= 1, < 3)
      railties (>= 4.2.0)
      thor (>= 0.14, < 2.0)
    json (1.8.6)
    kaminari (1.0.1)
      activesupport (>= 4.1.0)
      kaminari-actionview (= 1.0.1)
      kaminari-activerecord (= 1.0.1)
      kaminari-core (= 1.0.1)
    kaminari-actionview (1.0.1)
      actionview
      kaminari-core (= 1.0.1)
    kaminari-activerecord (1.0.1)
      activerecord
      kaminari-core (= 1.0.1)
    kaminari-core (1.0.1)
    libv8 (3.16.14.19)
    loofah (2.0.3)
      nokogiri (>= 1.5.9)
    mail (2.6.4)
      mime-types (>= 1.16, < 4)
    mime-types (3.1)
      mime-types-data (~> 3.2015)
    mime-types-data (3.2016.0521)
    mini_portile2 (2.2.0)
    minitest (5.10.1)
    multi_json (1.12.1)
    mysql2 (0.4.5)
    net-scp (1.2.1)
      net-ssh (>= 2.6.5)
    net-ssh (4.1.0)
    netrc (0.11.0)
    nokogiri (1.8.0)
      mini_portile2 (~> 2.2.0)
    poltergeist (1.14.0)
      capybara (~> 2.1)
      cliver (~> 0.3.1)
      websocket-driver (>= 0.2.0)
    public_suffix (2.0.5)
    rack (1.6.5)
    rack-test (0.6.3)
      rack (>= 1.0)
    rails (4.2.8)
      actionmailer (= 4.2.8)
      actionpack (= 4.2.8)
      actionview (= 4.2.8)
      activejob (= 4.2.8)
      activemodel (= 4.2.8)
      activerecord (= 4.2.8)
      activesupport (= 4.2.8)
      bundler (>= 1.3.0, < 2.0)
      railties (= 4.2.8)
      sprockets-rails
    rails-deprecated_sanitizer (1.0.3)
      activesupport (>= 4.2.0.alpha)
    rails-dom-testing (1.0.8)
      activesupport (>= 4.2.0.beta, < 5.0)
      nokogiri (~> 1.6)
      rails-deprecated_sanitizer (>= 1.0.1)
    rails-html-sanitizer (1.0.3)
      loofah (~> 2.0)
    railties (4.2.8)
      actionpack (= 4.2.8)
      activesupport (= 4.2.8)
      rake (>= 0.8.7)
      thor (>= 0.18.1, < 2.0)
    rake (12.0.0)
    rdoc (4.3.0)
    ref (2.0.0)
    rest-client (2.0.1)
      http-cookie (>= 1.0.2, < 2.0)
      mime-types (>= 1.16, < 4.0)
      netrc (~> 0.8)
    rspec-core (3.5.4)
      rspec-support (~> 3.5.0)
    rspec-expectations (3.5.0)
      diff-lcs (>= 1.2.0, < 2.0)
      rspec-support (~> 3.5.0)
    rspec-mocks (3.5.0)
      diff-lcs (>= 1.2.0, < 2.0)
      rspec-support (~> 3.5.0)
    rspec-rails (3.5.2)
      actionpack (>= 3.0)
      activesupport (>= 3.0)
      railties (>= 3.0)
      rspec-core (~> 3.5.0)
      rspec-expectations (~> 3.5.0)
      rspec-mocks (~> 3.5.0)
      rspec-support (~> 3.5.0)
    rspec-support (3.5.0)
    sass (3.4.23)
    sass-rails (5.0.6)
      railties (>= 4.0.0, < 6)
      sass (~> 3.1)
      sprockets (>= 2.8, < 4.0)
      sprockets-rails (>= 2.0, < 4.0)
      tilt (>= 1.1, < 3)
    sdoc (0.4.2)
      json (~> 1.7, >= 1.7.7)
      rdoc (~> 4.0)
    sprockets (3.7.1)
      concurrent-ruby (~> 1.0)
      rack (> 1, < 3)
    sprockets-rails (3.2.0)
      actionpack (>= 4.0)
      activesupport (>= 4.0)
      sprockets (>= 3.0.0)
    sqlite3 (1.3.13)
    sshkit (1.13.1)
      net-scp (>= 1.1.2)
      net-ssh (>= 2.8.0)
    therubyracer (0.12.3)
      libv8 (~> 3.16.14.15)
      ref
    thor (0.19.4)
    thread_safe (0.3.6)
    tilt (2.0.7)
    turbolinks (2.5.3)
      coffee-rails
    tzinfo (1.2.3)
      thread_safe (~> 0.1)
    uglifier (3.1.13)
      execjs (>= 0.3.0, < 3)
    unf (0.1.4)
      unf_ext
    unf_ext (0.0.7.2)
    websocket-driver (0.6.5)
      websocket-extensions (>= 0.1.0)
    websocket-extensions (0.1.2)
    xpath (2.0.0)
      nokogiri (~> 1.3)

PLATFORMS
  ruby

DEPENDENCIES
  bootstrap-sass (~> 2.3.2.0)
  capistrano (~> 3.0)
  capistrano-bundler
  capistrano-passenger
  capistrano-rails
  capybara
  database_cleaner (< 1.1.0)
  dlss-capistrano
  honeybadger
  jbuilder (~> 1.2)
  jquery-rails
  kaminari
  mysql2
  nokogiri
  poltergeist
  rails (= 4.2.8)
  rest-client
  rspec-rails
  sass-rails
  sdoc
  sprockets
  sqlite3
  therubyracer
  turbolinks (~> 2)
  uglifier (>= 1.3.0)

BUNDLED WITH
   1.14.6
